GIT
  remote: git://github.com/georgi/audite.git
  revision: 06d329bc9753d7e5791a8fd2371163462f28e21d
  ref: 06d329bc9753d7e5791a8fd2371163462f28e21d
  specs:
    audite (0.4.0)

GEM
  remote: https://rubygems.org/
  specs:
    activesupport (4.1.6)
      i18n (~> 0.6, >= 0.6.9)
      json (~> 1.7, >= 1.7.7)
      minitest (~> 5.1)
      thread_safe (~> 0.1)
      tzinfo (~> 1.1)
    awesome_print (1.1.0)
    backports (3.6.3)
    coderay (1.1.0)
    coffee-script (2.3.0)
      coffee-script-source
      execjs
    coffee-script-source (1.8.0)
    coolline (0.5.0)
      unicode_utils (~> 1.4)
    dotenv (0.11.1)
      dotenv-deployment (~> 0.0.2)
    dotenv-deployment (0.0.2)
    execjs (2.2.1)
    foreman (0.75.0)
      dotenv (~> 0.11.1)
      thor (~> 0.19.1)
    haml (4.0.5)
      tilt
    i18n (0.6.11)
    json (1.8.1)
    kgio (2.9.3)
    libv8 (3.16.14.7)
    method_source (0.8.2)
    minitest (5.4.1)
    multi_json (1.10.1)
    pry (0.9.12.6)
      coderay (~> 1.0)
      method_source (~> 0.8)
      slop (~> 3.4)
    pry-awesome_print (9.6.7)
      awesome_print (~> 1.1.0)
      pry (~> 0.9.0)
    pry-coolline (0.2.5)
      coolline (~> 0.5)
    rack (1.5.2)
    rack-cors (0.4.0)
    rack-protection (1.5.3)
      rack
    rack-test (0.6.2)
      rack (>= 1.0)
    raindrops (0.14.0)
    rake (10.3.2)
    rbczmq (1.7.8)
    redis (3.1.0)
    ref (1.0.5)
    retryable (1.3.6)
    sass (3.4.5)
    sequel (4.15.0)
    sinatra (1.4.5)
      rack (~> 1.4)
      rack-protection (~> 1.4)
      tilt (~> 1.3, >= 1.3.4)
    sinatra-contrib (1.4.2)
      backports (>= 2.0)
      multi_json
      rack-protection
      rack-test
      sinatra (~> 1.4.0)
      tilt (~> 1.3)
    slop (3.6.0)
    sqlite3 (1.3.9)
    taglib-ruby (0.7.0)
    therubyracer (0.12.1)
      libv8 (~> 3.16.14.0)
      ref
    thor (0.19.1)
    thread_safe (0.3.4)
    tilt (1.4.1)
    tzinfo (1.2.2)
      thread_safe (~> 0.1)
    unicode_utils (1.4.0)
    unicorn (4.9.0)
      kgio (~> 2.6)
      rack
      raindrops (~> 0.7)
    vlc-client (0.0.4)
      retryable (~> 1.3)

PLATFORMS
  ruby

DEPENDENCIES
  activesupport
  audite!
  coffee-script
  dotenv
  foreman
  haml
  pry
  pry-awesome_print
  pry-coolline
  rack-cors
  rake
  rbczmq
  redis
  sass
  sequel
  sinatra
  sinatra-contrib
  sqlite3
  taglib-ruby
  therubyracer
  unicorn
  vlc-client

BUNDLED WITH
   1.10.5
