GEM
  remote: https://rubygems.org/
  specs:
    coffee-script (2.3.0)
      coffee-script-source
      execjs
    coffee-script-source (1.8.0)
    coreaudio (0.0.10)
      narray (~> 0.6.0.0)
    dotenv (0.11.1)
      dotenv-deployment (~> 0.0.2)
    dotenv-deployment (0.0.2)
    execjs (2.2.1)
    foreman (0.75.0)
      dotenv (~> 0.11.1)
      thor (~> 0.19.1)
    haml (4.0.5)
      tilt
    libv8 (3.16.14.7)
    narray (0.6.0.9)
    puma (2.9.1)
      rack (>= 1.1, < 2.0)
    rack (1.5.2)
    rack-protection (1.5.3)
      rack
    rake (10.3.2)
    ref (1.0.5)
    sass (3.4.5)
    sequel (4.15.0)
    sinatra (1.4.5)
      rack (~> 1.4)
      rack-protection (~> 1.4)
      tilt (~> 1.3, >= 1.3.4)
    sqlite3 (1.3.9)
    taglib-ruby (0.7.0)
    therubyracer (0.12.1)
      libv8 (~> 3.16.14.0)
      ref
    thor (0.19.1)
    tilt (1.4.1)

PLATFORMS
  ruby

DEPENDENCIES
  coffee-script
  coreaudio
  foreman
  haml
  puma
  rake
  sass
  sequel
  sinatra
  sqlite3
  taglib-ruby
  therubyracer
